GEM
  remote: http://rubygems.org/
  specs:
    activesupport (3.0.0)
    columnize (0.3.1)
    linecache (0.43)
    rspec (1.3.0)
    ruby-debug (0.10.3)
      columnize (>= 0.1)
      ruby-debug-base (~> 0.10.3.0)
    ruby-debug-base (0.10.3)
      linecache (>= 0.3)

PLATFORMS
  ruby

DEPENDENCIES
  activesupport
  rspec
  ruby-debug
